GEM
  remote: https://rubygems.org/
  specs:
    byebug (11.0.1)
    memory_profiler (0.9.14)
    prometheus_exporter (0.4.12)

PLATFORMS
  ruby

DEPENDENCIES
  byebug
  memory_profiler
  prometheus_exporter

RUBY VERSION
   ruby 2.5.5p157

BUNDLED WITH
   2.0.2
